PATH
  remote: .
  specs:
    halunke (0.6.1)
      rack (~> 2.0.4)

GEM
  remote: https://rubygems.org/
  specs:
    minitest (5.11.3)
    racc (1.4.14)
    rack (2.0.4)
    rake (12.3.0)

PLATFORMS
  ruby

DEPENDENCIES
  bundler (~> 1.16.1)
  halunke!
  minitest (~> 5.11.3)
  racc (~> 1.4.14)
  rake (~> 12.3.0)

BUNDLED WITH
   1.16.1
